GEM
  remote: https://rubygems.org/
  specs:
    ansi (1.5.0)
    builder (3.2.4)
    docile (1.4.0)
    minitest (5.14.4)
    minitest-reporters (1.4.3)
      ansi
      builder
      minitest (>= 5.0)
      ruby-progressbar
    redcarpet (3.5.1)
    ruby-progressbar (1.11.0)
    simplecov (0.21.2)
      docile (~> 1.1)
      simplecov-html (~> 0.11)
      simplecov_json_formatter (~> 0.1)
    simplecov-html (0.12.3)
    simplecov_json_formatter (0.1.3)
    yard (0.9.26)

PLATFORMS
  ruby

DEPENDENCIES
  minitest-reporters (~> 1.4, >= 1.4.3)
  redcarpet (~> 3.5, >= 3.5.1)
  simplecov (~> 0.21.2)
  simplecov_json_formatter (~> 0.1.3)
  yard (~> 0.9.26)

RUBY VERSION
   ruby 2.7.3p183

BUNDLED WITH
   2.1.4
